GEM
  remote: https://rubygems.org/
  specs:
    concurrent-ruby (1.1.8)
    faker (2.17.0)
      i18n (>= 1.6, < 2)
    i18n (1.8.10)
      concurrent-ruby (~> 1.0)
    ruby2d (0.9.5)

PLATFORMS
  x86_64-linux

DEPENDENCIES
  faker (= 2.17)
  ruby2d

BUNDLED WITH
   2.2.17
